GEM
  remote: http://rubygems.org/
  specs:
    albacore (0.1.5)
      net-sftp (>= 2.0.2)
      net-ssh (>= 2.0.15)
      rake (>= 0.8.7)
      rubyzip (>= 0.9.1)
    net-sftp (2.0.5)
      net-ssh (>= 2.0.9)
    net-ssh (2.0.23)
    rake (0.8.7)
    rubyzip (0.9.4)

PLATFORMS
  x86-mingw32

DEPENDENCIES
  albacore
